GEM
  remote: https://rubygems.org/
  specs:
    actionmailer (4.0.6)
      actionpack (= 4.0.6)
      mail (~> 2.5.4)
    actionpack (4.0.6)
      activesupport (= 4.0.6)
      builder (~> 3.1.0)
      erubis (~> 2.7.0)
      rack (~> 1.5.2)
      rack-test (~> 0.6.2)
    active_model_serializers (0.9.4)
      activemodel (>= 3.2)
    activemodel (4.0.6)
      activesupport (= 4.0.6)
      builder (~> 3.1.0)
    activerecord (4.0.6)
      activemodel (= 4.0.6)
      activerecord-deprecated_finders (~> 1.0.2)
      activesupport (= 4.0.6)
      arel (~> 4.0.0)
    activerecord-deprecated_finders (1.0.4)
    activesupport (4.0.6)
      i18n (~> 0.6, >= 0.6.9)
      minitest (~> 4.2)
      multi_json (~> 1.3)
      thread_safe (~> 0.1)
      tzinfo (~> 0.3.37)
    addressable (2.4.0)
    arel (4.0.2)
    bcrypt (3.1.10)
    binding_of_caller (0.7.2)
      debug_inspector (>= 0.0.1)
    bootstrap-sass (3.2.0.4)
      sass (~> 3.2)
    builder (3.1.4)
    capybara (2.6.2)
      addressable
      mime-types (>= 1.16)
      nokogiri (>= 1.3.3)
      rack (>= 1.0.0)
      rack-test (>= 0.5.4)
      xpath (~> 2.0)
    chronic (0.10.2)
    climate_control (0.0.3)
      activesupport (>= 3.0)
    cliver (0.3.2)
    cocaine (0.5.8)
      climate_control (>= 0.0.3, < 1.0)
    coderay (1.1.0)
    coffee-rails (4.1.1)
      coffee-script (>= 2.2.0)
      railties (>= 4.0.0, < 5.1.x)
    coffee-script (2.4.1)
      coffee-script-source
      execjs
    coffee-script-source (1.10.0)
    database_cleaner (1.5.1)
    debug_inspector (0.0.2)
    devise (3.5.5)
      bcrypt (~> 3.0)
      orm_adapter (~> 0.1)
      railties (>= 3.2.6, < 5)
      responders
      thread_safe (~> 0.1)
      warden (~> 1.2.3)
    diff-lcs (1.2.5)
    dotenv (2.1.0)
    dotenv-rails (2.1.0)
      dotenv (= 2.1.0)
      railties (>= 4.0, < 5.1)
    erubis (2.7.0)
    execjs (2.6.0)
    factory_girl (4.5.0)
      activesupport (>= 3.0.0)
    factory_girl_rails (4.5.0)
      factory_girl (~> 4.5.0)
      railties (>= 3.0.0)
    faker (1.6.1)
      i18n (~> 0.5)
    ffi (1.9.10)
    font-awesome-rails (4.7.0.5)
      railties (>= 3.2, < 6.1)
    formatador (0.2.5)
    guard (2.13.0)
      formatador (>= 0.2.4)
      listen (>= 2.7, <= 4.0)
      lumberjack (~> 1.0)
      nenv (~> 0.1)
      notiffany (~> 0.0)
      pry (>= 0.9.12)
      shellany (~> 0.0)
      thor (>= 0.18.1)
    guard-compat (1.2.1)
    guard-rspec (4.6.4)
      guard (~> 2.1)
      guard-compat (~> 1.1)
      rspec (>= 2.99.0, < 4.0)
    handlebars_assets (0.23.0)
      execjs (~> 2.0)
      multi_json (~> 1.0)
      sprockets (>= 2.0.0)
      tilt (>= 1.2)
    hike (1.2.3)
    i18n (0.7.0)
    i18n-js (2.1.2)
      i18n
    jbuilder (1.5.3)
      activesupport (>= 3.0.0)
      multi_json (>= 1.2.0)
    jquery-rails (3.1.4)
      railties (>= 3.0, < 5.0)
      thor (>= 0.14, < 2.0)
    jquery-ui-rails (5.0.5)
      railties (>= 3.2.16)
    js-routes (1.3.3)
      railties (>= 3.2)
      sprockets-rails
    json (1.8.3)
    launchy (2.4.3)
      addressable (~> 2.3)
    libv8 (3.16.14.13)
    listen (3.0.5)
      rb-fsevent (>= 0.9.3)
      rb-inotify (>= 0.9)
    lumberjack (1.0.10)
    mail (2.5.4)
      mime-types (~> 1.16)
      treetop (~> 1.4.8)
    method_source (0.8.2)
    mime-types (1.25.1)
    mimemagic (0.3.0)
    mini_portile2 (2.0.0)
    minitest (4.7.5)
    multi_json (1.15.0)
    mysql2 (0.3.20)
    nenv (0.2.0)
    nokogiri (1.6.7.2)
      mini_portile2 (~> 2.0.0.rc2)
    notiffany (0.0.8)
      nenv (~> 0.1)
      shellany (~> 0.0)
    orm_adapter (0.5.0)
    paperclip (4.3.2)
      activemodel (>= 3.2.0)
      activesupport (>= 3.2.0)
      cocaine (~> 0.5.5)
      mime-types
      mimemagic (= 0.3.0)
    poltergeist (1.8.1)
      capybara (~> 2.1)
      cliver (~> 0.3.1)
      multi_json (~> 1.0)
      websocket-driver (>= 0.2.0)
    polyglot (0.3.5)
    pry (0.10.3)
      coderay (~> 1.1.0)
      method_source (~> 0.8.1)
      slop (~> 3.4)
    pry-rails (0.3.4)
      pry (>= 0.9.10)
    quiet_assets (1.1.0)
      railties (>= 3.1, < 5.0)
    rack (1.5.5)
    rack-cors (0.4.0)
    rack-test (0.6.3)
      rack (>= 1.0)
    rails (4.0.6)
      actionmailer (= 4.0.6)
      actionpack (= 4.0.6)
      activerecord (= 4.0.6)
      activesupport (= 4.0.6)
      bundler (>= 1.3.0, < 2.0)
      railties (= 4.0.6)
      sprockets-rails (~> 2.0)
    railties (4.0.6)
      actionpack (= 4.0.6)
      activesupport (= 4.0.6)
      rake (>= 0.8.7)
      thor (>= 0.18.1, < 2.0)
    rake (10.5.0)
    rb-fsevent (0.9.7)
    rb-inotify (0.9.5)
      ffi (>= 0.5.0)
    rdoc (4.2.1)
      json (~> 1.4)
    ref (2.0.0)
    responders (1.1.2)
      railties (>= 3.2, < 4.2)
    rspec (3.4.0)
      rspec-core (~> 3.4.0)
      rspec-expectations (~> 3.4.0)
      rspec-mocks (~> 3.4.0)
    rspec-core (3.4.2)
      rspec-support (~> 3.4.0)
    rspec-expectations (3.4.0)
      diff-lcs (>= 1.2.0, < 2.0)
      rspec-support (~> 3.4.0)
    rspec-mocks (3.4.1)
      diff-lcs (>= 1.2.0, < 2.0)
      rspec-support (~> 3.4.0)
    rspec-rails (3.4.1)
      actionpack (>= 3.0, < 4.3)
      activesupport (>= 3.0, < 4.3)
      railties (>= 3.0, < 4.3)
      rspec-core (~> 3.4.0)
      rspec-expectations (~> 3.4.0)
      rspec-mocks (~> 3.4.0)
      rspec-support (~> 3.4.0)
    rspec-support (3.4.1)
    sass (3.2.19)
    sass-rails (4.0.5)
      railties (>= 4.0.0, < 5.0)
      sass (~> 3.2.2)
      sprockets (~> 2.8, < 3.0)
      sprockets-rails (~> 2.0)
    sdoc (0.4.1)
      json (~> 1.7, >= 1.7.7)
      rdoc (~> 4.0)
    shellany (0.0.1)
    slop (3.6.0)
    sprockets (2.12.5)
      hike (~> 1.2)
      multi_json (~> 1.0)
      rack (~> 1.0)
      tilt (~> 1.1, != 1.3.0)
    sprockets-rails (2.3.3)
      actionpack (>= 3.0)
      activesupport (>= 3.0)
      sprockets (>= 2.8, < 4.0)
    therubyracer (0.12.2)
      libv8 (~> 3.16.14.0)
      ref
    thor (0.19.1)
    thread_safe (0.3.5)
    tilt (1.4.1)
    treetop (1.4.15)
      polyglot
      polyglot (>= 0.3.1)
    turbolinks (2.5.3)
      coffee-rails
    tzinfo (0.3.46)
    uglifier (2.7.2)
      execjs (>= 0.3.0)
      json (>= 1.8.0)
    warden (1.2.4)
      rack (>= 1.0)
    websocket-driver (0.6.3)
      websocket-extensions (>= 0.1.0)
    websocket-extensions (0.1.2)
    xpath (2.0.0)
      nokogiri (~> 1.3)

PLATFORMS
  ruby

DEPENDENCIES
  active_model_serializers
  binding_of_caller
  bootstrap-sass (~> 3.2.0)
  capybara
  chronic
  database_cleaner
  devise
  dotenv-rails
  factory_girl_rails
  faker
  font-awesome-rails
  guard-rspec
  handlebars_assets
  i18n-js
  jbuilder (~> 1.2)
  jquery-rails
  jquery-ui-rails
  js-routes (~> 1.3.3)
  launchy
  mysql2 (~> 0.3.18)
  paperclip (~> 4.2)
  poltergeist
  pry-rails
  quiet_assets
  rack-cors
  rails (= 4.0.6)
  rspec-rails (~> 3.0)
  sass-rails (~> 4.0.2)
  sdoc
  therubyracer
  turbolinks
  uglifier (>= 1.3.0)

BUNDLED WITH
   1.17.3
